GEM
  remote: http://rubygems.org/
  specs:
    eventmachine-le (1.1.4)
    eventmachine_httpserver (0.2.1)

PLATFORMS
  ruby

DEPENDENCIES
  eventmachine-le
  eventmachine_httpserver
